PATH
  remote: .
  specs:
    opnsrcint (0.1.0)

GEM
  remote: https://rubygems.org/
  specs:
    rake (13.0.3)

PLATFORMS
  arm-linux

DEPENDENCIES
  opnsrcint!
  rake (~> 13.0)

BUNDLED WITH
   2.2.15
